PATH
  remote: .
  specs:
    leajasmine_view_tool (0.1.0)

GEM
  remote: https://rubygems.org/
  specs:
    rake (12.3.3)

PLATFORMS
  ruby

DEPENDENCIES
  leajasmine_view_tool!
  rake (~> 12.0)

BUNDLED WITH
   2.1.2
